GEM
  remote: https://rubygems.org/
  specs:
    faraday (2.7.2)
      faraday-net_http (>= 2.0, < 3.1)
      ruby2_keywords (>= 0.0.4)
    faraday-net_http (3.0.2)
    ruby2_keywords (0.0.5)
    webrick (1.7.0)

PLATFORMS
  ruby

DEPENDENCIES
  faraday
  webrick

BUNDLED WITH
   2.3.9
